PATH
  remote: .
  specs:
    arthropod_waifu2x (0.0.1)
      arthropod (= 0.0.6)
      aws-sdk-sqs
      fog-aws
      foreman

GEM
  remote: https://rubygems.org/
  specs:
    arthropod (0.0.6)
      aws-sdk-sqs
    aws-eventstream (1.0.3)
    aws-partitions (1.262.0)
    aws-sdk-core (3.87.0)
      aws-eventstream (~> 1.0, >= 1.0.2)
      aws-partitions (~> 1, >= 1.239.0)
      aws-sigv4 (~> 1.1)
      jmespath (~> 1.0)
    aws-sdk-sqs (1.23.1)
      aws-sdk-core (~> 3, >= 3.71.0)
      aws-sigv4 (~> 1.1)
    aws-sigv4 (1.1.0)
      aws-eventstream (~> 1.0, >= 1.0.2)
    builder (3.2.4)
    byebug (11.0.1)
    excon (0.71.1)
    fog-aws (3.5.2)
      fog-core (~> 2.1)
      fog-json (~> 1.1)
      fog-xml (~> 0.1)
      ipaddress (~> 0.8)
    fog-core (2.2.0)
      builder
      excon (~> 0.71)
      formatador (~> 0.2)
      mime-types
    fog-json (1.2.0)
      fog-core
      multi_json (~> 1.10)
    fog-xml (0.1.3)
      fog-core
      nokogiri (>= 1.5.11, < 2.0.0)
    foreman (0.87.0)
    formatador (0.2.5)
    ipaddress (0.8.3)
    jmespath (1.6.1)
    mime-types (3.3.1)
      mime-types-data (~> 3.2015)
    mime-types-data (3.2019.1009)
    mini_portile2 (2.4.0)
    multi_json (1.14.1)
    nokogiri (1.10.7)
      mini_portile2 (~> 2.4.0)

PLATFORMS
  ruby

DEPENDENCIES
  arthropod_waifu2x!
  byebug

BUNDLED WITH
   2.0.2
